GEM
  remote: https://rubygems.org/
  specs:
    aws-sdk (2.4.3)
      aws-sdk-resources (= 2.4.3)
    aws-sdk-core (2.4.3)
      jmespath (~> 1.0)
    aws-sdk-resources (2.4.3)
      aws-sdk-core (= 2.4.3)
    daemons (1.2.3)
    jmespath (1.3.1)
    json (2.0.2)
    slack-notifier (1.5.1)

PLATFORMS
  ruby

DEPENDENCIES
  aws-sdk
  daemons
  json
  slack-notifier

BUNDLED WITH
   1.11.2
